GEM
  remote: http://rubygems.org/
  specs:
    addressable (2.8.6)
      public_suffix (>= 2.0.2, < 6.0)
    array_include_methods (1.5.1)
    awesome_print (1.9.2)
    builder (3.2.4)
    concurrent-ruby (1.2.2)
    coveralls (0.8.23)
      json (>= 1.8, < 3)
      simplecov (~> 0.16.1)
      term-ansicolor (~> 1.3)
      thor (>= 0.19.4, < 2.0)
      tins (~> 1.6)
    descendants_tracker (0.0.4)
      thread_safe (~> 0.3, >= 0.3.1)
    diff-lcs (1.5.0)
    docile (1.4.0)
    facets (3.1.0)
    faraday (1.10.3)
      faraday-em_http (~> 1.0)
      faraday-em_synchrony (~> 1.0)
      faraday-excon (~> 1.1)
      faraday-httpclient (~> 1.0)
      faraday-multipart (~> 1.0)
      faraday-net_http (~> 1.0)
      faraday-net_http_persistent (~> 1.0)
      faraday-patron (~> 1.0)
      faraday-rack (~> 1.0)
      faraday-retry (~> 1.0)
      ruby2_keywords (>= 0.0.4)
    faraday-em_http (1.0.0)
    faraday-em_synchrony (1.0.0)
    faraday-excon (1.1.0)
    faraday-httpclient (1.0.1)
    faraday-multipart (1.0.4)
      multipart-post (~> 2)
    faraday-net_http (1.0.1)
    faraday-net_http_persistent (1.2.0)
    faraday-patron (1.0.0)
    faraday-rack (1.0.0)
    faraday-retry (1.0.3)
    git (1.18.0)
      addressable (~> 2.8)
      rchardet (~> 1.8)
    github_api (0.19.0)
      addressable (~> 2.4)
      descendants_tracker (~> 0.0.4)
      faraday (>= 0.8, < 2)
      hashie (~> 3.5, >= 3.5.2)
      oauth2 (~> 1.0)
    glimmer (2.8.1)
      array_include_methods (>= 1.4.0, < 1.6.0)
      facets (>= 3.1.0, < 4.0.0)
    hashie (3.6.0)
    highline (2.1.0)
    jar-dependencies (0.4.1)
    jruby-jars (9.4.5.0)
    jruby-openssl (0.14.2-java)
    jruby-rack (1.1.22)
    jruby-win32ole (0.8.5)
    json (2.7.1-java)
    juwelier (2.4.9)
      builder
      bundler
      git
      github_api
      highline
      kamelcase (~> 0)
      nokogiri
      psych
      rake
      rdoc
      semver2
    jwt (2.7.1)
    kamelcase (0.0.2)
      semver2 (~> 3)
    matrix (0.4.2)
    method_source (1.0.0)
    multi_json (1.15.0)
    multi_xml (0.6.0)
    multipart-post (2.3.0)
    nested_inherited_jruby_include_package (0.3.0)
    nokogiri (1.15.5-java)
      racc (~> 1.4)
    oauth2 (1.4.11)
      faraday (>= 0.17.3, < 3.0)
      jwt (>= 1.0, < 3.0)
      multi_json (~> 1.3)
      multi_xml (~> 0.5)
      rack (>= 1.2, < 4)
    os (1.1.4)
    pastel (0.8.0)
      tty-color (~> 0.5)
    psych (5.1.2-java)
      jar-dependencies (>= 0.1.7)
    public_suffix (5.0.4)
    puts_debuggerer (0.13.5)
      awesome_print (~> 1.9.2)
    racc (1.7.3-java)
    rack (3.0.8)
    rake (13.2.1)
    rake-tui (0.2.3)
      tty-prompt
    rchardet (1.8.0)
    rdoc (6.6.2)
      psych (>= 4.0.0)
    rouge (3.30.0)
    rspec (3.12.0)
      rspec-core (~> 3.12.0)
      rspec-expectations (~> 3.12.0)
      rspec-mocks (~> 3.12.0)
    rspec-core (3.12.2)
      rspec-support (~> 3.12.0)
    rspec-expectations (3.12.3)
      diff-lcs (>= 1.2.0, < 2.0)
      rspec-support (~> 3.12.0)
    rspec-mocks (3.12.6)
      diff-lcs (>= 1.2.0, < 2.0)
      rspec-support (~> 3.12.0)
    rspec-support (3.12.1)
    ruby2_keywords (0.0.5)
    rubyzip (1.3.0)
    semver2 (3.4.2)
    simplecov (0.16.1)
      docile (~> 1.1)
      json (>= 1.8, < 3)
      simplecov-html (~> 0.10.0)
    simplecov-html (0.10.2)
    simplecov-lcov (0.7.0)
    super_module (1.4.1)
      method_source (>= 0.8.2, < 1.1.0)
    sync (0.5.0)
    term-ansicolor (1.7.1)
      tins (~> 1.0)
    text-table (1.2.4)
    thor (1.3.0)
    thread_safe (0.3.6-java)
    tins (1.32.1)
      sync
    tty-color (0.6.0)
    tty-cursor (0.7.1)
    tty-prompt (0.23.1)
      pastel (~> 0.8)
      tty-reader (~> 0.8)
    tty-reader (0.9.0)
      tty-cursor (~> 0.7)
      tty-screen (~> 0.8)
      wisper (~> 2.0)
    tty-screen (0.8.2)
    warbler (2.0.5)
      jruby-jars (>= 9.0.0.0)
      jruby-rack (>= 1.1.1, < 1.3)
      rake (>= 10.1.0)
      rubyzip (~> 1.0, < 1.4)
    wisper (2.0.1)

PLATFORMS
  universal-java-1.8
  universal-java-16
  universal-java-17
  universal-java-18
  universal-java-19
  universal-java-21

DEPENDENCIES
  concurrent-ruby (>= 1.1.7, < 2.0.0)
  coveralls (= 0.8.23)
  glimmer (~> 2.8.1)
  jruby-openssl (>= 0.14.1.cr2)
  jruby-win32ole (>= 0.8.5, < 2.0.0)
  juwelier (>= 2.4.9, < 3.0.0)
  matrix (>= 0.3.0, < 2.0.0)
  nested_inherited_jruby_include_package (>= 0.3.0, < 2.0.0)
  os (>= 1.0.0, < 2.0.0)
  puts_debuggerer (>= 0.13.0, < 2.0.0)
  rake (>= 13.0.0)
  rake-tui (>= 0.2.3, < 2.0.0)
  rouge (>= 3.26.0, < 4.0.0)
  rspec (~> 3.0)
  rspec-mocks (~> 3.0)
  simplecov (~> 0.16.1)
  simplecov-lcov (~> 0.7.0)
  super_module (>= 1.4.1, < 2.0.0)
  text-table (>= 1.2.4, < 2.0.0)
  warbler (>= 2.0.5, < 3.0.0)

RUBY VERSION
   ruby 2.6.8p0 (jruby 9.3.3.0)

BUNDLED WITH
   2.4.19
